GEM
  remote: http://rubygems.org/
  specs:
    bpm (1.0.0.rc.2)
      execjs (~> 1.2.4)
      gemcutter (~> 0.6.1)
      highline (~> 1.6.1)
      json_pure (~> 1.4.6)
      libgems (~> 0.1.3)
      sprockets (~> 2.0.0)
      thor (~> 0.14.3)
    coffee-script (2.2.0)
      coffee-script-source
      execjs
    coffee-script-source (1.1.2)
    execjs (1.2.4)
      multi_json (~> 1.0)
    gemcutter (0.6.1)
    highline (1.6.2)
    hike (1.2.1)
    json_pure (1.4.6)
    libgems (0.1.3)
    multi_json (1.0.3)
    rack (1.3.2)
    sprockets (2.0.0)
      hike (~> 1.2)
      rack (~> 1.0)
      tilt (!= 1.3.0, ~> 1.1)
    thor (0.14.6)
    tilt (1.3.3)

PLATFORMS
  ruby

DEPENDENCIES
  bpm (= 1.0.0.rc2)
  coffee-script
